GEM
  remote: http://rubygems.org/
  remote: http://rubygems.org/
  remote: http://gems.github.com/
  specs:
    RedCloth (4.2.9)
    actionmailer (2.3.14)
      actionpack (= 2.3.14)
    actionpack (2.3.14)
      activesupport (= 2.3.14)
      rack (~> 1.1.0)
    activerecord (2.3.14)
      activesupport (= 2.3.14)
    activeresource (2.3.14)
      activesupport (= 2.3.14)
    activesupport (2.3.14)
    addressable (2.2.7)
    coderay (1.0.5)
    database_cleaner (0.8.0)
    edavis10-object_daddy (0.4.3)
    eventmachine (0.12.10)
    factory_girl (1.3.3)
    faraday (0.7.6)
      addressable (~> 2.2)
      multipart-post (~> 1.1)
      rack (~> 1.1)
    faraday_middleware (0.7.0)
      faraday (~> 0.7.3)
    fastercsv (1.5.4)
    hashie (1.2.0)
    hoe (3.0.6)
      rake (~> 0.8)
    http_parser.rb (0.5.3)
    i18n (0.4.2)
    json (1.6.5)
    metaclass (0.0.1)
    mime-types (1.17.2)
    mocha (0.10.5)
      metaclass (~> 0.0.1)
    multi_json (1.1.0)
    multipart-post (1.1.5)
    mysql (2.8.1)
    mysql2 (0.2.18)
    net-ldap (0.3.1)
    pg (0.9.0)
    rack (1.1.3)
    rails (2.3.14)
      actionmailer (= 2.3.14)
      actionpack (= 2.3.14)
      activerecord (= 2.3.14)
      activeresource (= 2.3.14)
      activesupport (= 2.3.14)
      rake (>= 0.8.3)
    rake (0.9.2.2)
    rdoc (3.12)
      json (~> 1.4)
    rmagick (2.13.1)
    rspec (1.3.2)
    rspec-rails (1.3.4)
      rack (>= 1.0.0)
      rspec (~> 1.3.1)
    ruby-openid (2.1.8)
    shoulda (2.10.3)
    simple_oauth (0.1.5)
    sqlite3 (1.3.5)
    test-unit (1.2.3)
      hoe (>= 1.5.1)
    tinder (1.8.0)
      activesupport (>= 2.3, < 4)
      eventmachine (~> 0.12)
      faraday (>= 0.6, < 0.8)
      faraday_middleware (>= 0.6, < 0.8)
      hashie (~> 1.0)
      mime-types (~> 1.16)
      multi_json (~> 1.0)
      multipart-post (~> 1.1)
      twitter-stream (~> 0.1)
    twitter-stream (0.1.14)
      eventmachine (>= 0.12.8)
      http_parser.rb (~> 0.5.1)
      simple_oauth (~> 0.1.4)

PLATFORMS
  ruby

DEPENDENCIES
  RedCloth (~> 4.2.9)
  activerecord-jdbcmysql-adapter
  activerecord-jdbcpostgresql-adapter
  activerecord-jdbcsqlite3-adapter
  coderay (~> 1.0.0)
  database_cleaner
  edavis10-object_daddy
  factory_girl (~> 1.3)
  fastercsv (~> 1.5.0)
  i18n (~> 0.4.2)
  jruby-openssl
  json
  mocha
  mysql
  mysql2 (~> 0.2.7)
  net-ldap (~> 0.3.1)
  pg (~> 0.9.0)
  rails (= 2.3.14)
  rake
  rdoc (>= 2.4.2)
  rmagick (>= 2.0.0)
  rspec (~> 1.3)
  rspec-rails (~> 1.3)
  ruby-openid (~> 2.1.4)
  shoulda (~> 2.10.3)
  sqlite3
  test-unit (= 1.2.3)
  tinder
