GIT
  remote: https://github.com/alexdunae/holidays
  revision: 5492c3ec778c6ffeebdf172d6b6a857893a1ee96
  specs:
    holidays (1.0.8)

GIT
  remote: https://github.com/alfajango/cashboard-rb.git
  revision: b527314d49460bd6e8acb92204924d0bda5eccb7
  branch: project-list
  specs:
    cashboard (1.0.2)
      activesupport (>= 3.0)
      httparty (>= 0.6.1)
      i18n
      xml-simple (>= 1.0.12)

GEM
  remote: https://rubygems.org/
  remote: https://rubygems.org/
  remote: https://rubygems.org/
  remote: https://rubygems.org/
  remote: https://rubygems.org/
  specs:
    ZenTest (4.5.0)
    actionmailer (4.1.8)
      actionpack (= 4.1.8)
      actionview (= 4.1.8)
      mail (~> 2.5, >= 2.5.4)
    actionpack (4.1.8)
      actionview (= 4.1.8)
      activesupport (= 4.1.8)
      rack (~> 1.5.2)
      rack-test (~> 0.6.2)
    actionpack-action_caching (1.1.1)
      actionpack (>= 4.0.0, < 5.0)
    actionview (4.1.8)
      activesupport (= 4.1.8)
      builder (~> 3.1)
      erubis (~> 2.7.0)
    activemodel (4.1.8)
      activesupport (= 4.1.8)
      builder (~> 3.1)
    activerecord (4.1.8)
      activemodel (= 4.1.8)
      activesupport (= 4.1.8)
      arel (~> 5.0.0)
    activesupport (4.1.8)
      i18n (~> 0.6, >= 0.6.9)
      json (~> 1.7, >= 1.7.7)
      minitest (~> 5.1)
      thread_safe (~> 0.1)
      tzinfo (~> 1.1)
    airbrake (3.1.12)
      activesupport
      builder
      json
    arel (5.0.1.20140414130214)
    autotest-rails (4.2.1)
      ZenTest (~> 4.5)
    awesome_nested_set (3.0.0)
      activerecord (>= 4.0.0, < 5)
    aws-sdk (1.11.1)
      json (~> 1.4)
      nokogiri (>= 1.4.4)
      uuidtools (~> 2.1)
    builder (3.2.2)
    capybara (1.1.4)
      mime-types (>= 1.16)
      nokogiri (>= 1.3.3)
      rack (>= 1.0.0)
      rack-test (>= 0.5.4)
      selenium-webdriver (~> 2.0)
      xpath (~> 0.1.4)
    celluloid (0.16.0)
      timers (~> 4.0.0)
    childprocess (0.3.9)
      ffi (~> 1.0, >= 1.0.11)
    chronic (0.10.2)
    codeclimate-test-reporter (0.4.5)
      simplecov (>= 0.7.1, < 1.0.0)
    coderay (1.1.0)
    cucumber (1.1.0)
      builder (>= 2.1.2)
      diff-lcs (>= 1.1.2)
      gherkin (~> 2.5.0)
      json (>= 1.4.6)
      term-ansicolor (>= 1.0.6)
    cucumber-rails2 (0.3.5)
      capybara (~> 1.1.0)
      cucumber (~> 1.1.0)
    culerity (0.2.15)
    daemons (1.1.9)
    database_cleaner (1.4.0)
    diff-lcs (1.2.5)
    docile (1.1.5)
    erubis (2.7.0)
    eventmachine (1.0.3)
    faraday (0.8.7)
      multipart-post (~> 1.1)
    faraday_middleware (0.9.0)
      faraday (>= 0.7.4, < 0.9)
    faye-websocket (0.9.2)
      eventmachine (>= 0.12.0)
      websocket-driver (>= 0.5.1)
    ffi (1.9.0)
    formatador (0.2.5)
    gherkin (2.5.4)
      json (>= 1.4.6)
    guard (2.11.1)
      formatador (>= 0.2.4)
      listen (~> 2.7)
      lumberjack (~> 1.0)
      nenv (~> 0.1)
      notiffany (~> 0.0)
      pry (>= 0.9.12)
      shellany (~> 0.0)
      thor (>= 0.18.1)
    guard-rspec (1.2.1)
      guard (>= 1.1)
    haml (4.0.6)
      tilt
    hashie (1.2.0)
    hike (1.2.3)
    hitimes (1.2.2)
    http_parser.rb (0.5.3)
    httparty (0.11.0)
      multi_json (~> 1.0)
      multi_xml (>= 0.5.2)
    i18n (0.6.11)
    inifile (3.0.0)
    jquery-rails (3.1.2)
      railties (>= 3.0, < 5.0)
      thor (>= 0.14, < 2.0)
    jquery-ui-rails (5.0.3)
      railties (>= 3.2.16)
    json (1.7.7)
    listen (2.8.5)
      celluloid (>= 0.15.2)
      rb-fsevent (>= 0.9.3)
      rb-inotify (>= 0.9)
    lumberjack (1.0.9)
    mail (2.6.3)
      mime-types (>= 1.16, < 3)
    metaclass (0.0.4)
    method_source (0.8.2)
    mime-types (1.25.1)
    mini_portile (0.5.0)
    minitest (5.4.3)
    mocha (1.0.0)
      metaclass (~> 0.0.1)
    multi_json (1.10.1)
    multi_xml (0.5.5)
    multipart-post (1.2.0)
    nenv (0.1.1)
    net-ldap (0.3.1)
    nokogiri (1.6.0)
      mini_portile (~> 0.5.0)
    notiffany (0.0.3)
      nenv (~> 0.1)
      shellany (~> 0.0)
    pg (0.15.1)
    poltergeist (0.6.0)
      capybara (~> 1.0)
      childprocess (~> 0.3)
      faye-websocket (~> 0.4, >= 0.4.4)
      http_parser.rb (~> 0.5.3)
      multi_json (~> 1.0)
    protected_attributes (1.0.8)
      activemodel (>= 4.0.1, < 5.0)
    pry (0.10.1)
      coderay (~> 1.1.0)
      method_source (~> 0.8.1)
      slop (~> 3.4)
    rack (1.5.2)
    rack-openid (1.3.1)
      rack (>= 1.1.0)
      ruby-openid (>= 2.1.8)
    rack-test (0.6.2)
      rack (>= 1.0)
    rails (4.1.8)
      actionmailer (= 4.1.8)
      actionpack (= 4.1.8)
      actionview (= 4.1.8)
      activemodel (= 4.1.8)
      activerecord (= 4.1.8)
      activesupport (= 4.1.8)
      bundler (>= 1.3.0, < 2.0)
      railties (= 4.1.8)
      sprockets-rails (~> 2.0)
    railties (4.1.8)
      actionpack (= 4.1.8)
      activesupport (= 4.1.8)
      rake (>= 0.8.7)
      thor (>= 0.18.1, < 2.0)
    rake (10.3.2)
    rb-fsevent (0.9.4)
    rb-inotify (0.9.5)
      ffi (>= 0.5.0)
    rbpdf (1.18.2)
    rdoc (4.1.2)
      json (~> 1.4)
    redcarpet (3.1.2)
    request_store (1.0.5)
    rmagick (2.13.2)
    rspec (1.3.1)
    rspec-rails (1.3.3)
      rack (>= 1.0.0)
      rspec (= 1.3.1)
    ruby-openid (2.3.0)
    ruby-prof (0.15.2)
    rubyzip (0.9.9)
    selenium-webdriver (2.33.0)
      childprocess (>= 0.2.5)
      multi_json (~> 1.0)
      rubyzip
      websocket (~> 1.0.4)
    shellany (0.0.1)
    shoulda-context (1.0.2)
    simple_oauth (0.1.9)
    simplecov (0.9.1)
      docile (~> 1.1.0)
      multi_json (~> 1.0)
      simplecov-html (~> 0.8.0)
    simplecov-html (0.8.0)
    slop (3.6.0)
    spork (0.9.2)
    sprockets (2.12.3)
      hike (~> 1.2)
      multi_json (~> 1.0)
      rack (~> 1.0)
      tilt (~> 1.1, != 1.3.0)
    sprockets-rails (2.2.0)
      actionpack (>= 3.0)
      activesupport (>= 3.0)
      sprockets (>= 2.8, < 4.0)
    term-ansicolor (1.3.0)
      tins (~> 1.0)
    thin (1.5.1)
      daemons (>= 1.0.9)
      eventmachine (>= 0.12.6)
      rack (>= 1.0.0)
    thor (0.19.1)
    thread_safe (0.3.4)
    tilt (1.4.1)
    timecop (0.3.5)
    timers (4.0.1)
      hitimes
    tinder (1.9.2)
      eventmachine (~> 1.0)
      faraday (~> 0.8)
      faraday_middleware (~> 0.9)
      hashie (~> 1.0)
      json (~> 1.7.5)
      mime-types (~> 1.19)
      multi_json (~> 1.5)
      twitter-stream (~> 0.1)
    tins (1.3.3)
    transifex-ruby-fork-jg (0.1.0)
      faraday (~> 0.8.0)
      faraday_middleware (~> 0.9.0)
      hashie (~> 1.2.0)
    twitter-stream (0.1.16)
      eventmachine (>= 0.12.8)
      http_parser.rb (~> 0.5.1)
      simple_oauth (~> 0.1.4)
    tzinfo (1.2.2)
      thread_safe (~> 0.1)
    uuidtools (2.1.4)
    websocket (1.0.7)
    websocket-driver (0.5.1)
      websocket-extensions (>= 0.1.0)
    websocket-extensions (0.1.1)
    xml-simple (1.1.3)
    xpath (0.1.4)
      nokogiri (~> 1.3)
    yard (0.8.6.2)

PLATFORMS
  ruby

DEPENDENCIES
  ZenTest (= 4.5.0)
  actionpack-action_caching
  activerecord-jdbc-adapter (~> 1.3.2)
  activerecord-jdbcpostgresql-adapter
  airbrake
  autotest-rails
  awesome_nested_set (= 3.0.0)
  aws-sdk
  builder (>= 3.0.4)
  capybara (~> 1.1.0)
  cashboard!
  chronic
  codeclimate-test-reporter
  coderay (~> 1.1.0)
  cucumber (= 1.1.0)
  cucumber-rails2 (~> 0.3.5)
  culerity (= 0.2.15)
  database_cleaner
  gherkin (~> 2.5.0)
  guard-rspec
  haml
  holidays!
  inifile
  jquery-rails (~> 3.1.1)
  jquery-ui-rails
  json
  mime-types
  minitest
  mocha (~> 1.0.0)
  net-ldap (~> 0.3.1)
  nokogiri
  pg (>= 0.11.0)
  poltergeist (~> 0.6.0)
  protected_attributes
  rack-openid
  rails (= 4.1.8)
  rbpdf (~> 1.18.2)
  rdoc (>= 2.4.2)
  redcarpet (~> 3.1.2)
  request_store (= 1.0.5)
  rmagick (>= 2.0.0)
  rspec (= 1.3.1)
  rspec-rails (= 1.3.3)
  ruby-openid (~> 2.3.0)
  ruby-prof
  selenium-webdriver
  shoulda-context
  simplecov (~> 0.6)
  spork
  thin
  timecop (~> 0.3.5)
  tinder
  transifex-ruby-fork-jg
  tzinfo-data
  yard
